PATH
  remote: .
  specs:
    tournament_elo_calculator (0.1.0)
      elo
      thor

GEM
  remote: https://rubygems.org/
  specs:
    elo (0.1.0)
    rake (10.5.0)
    thor (0.20.3)

PLATFORMS
  ruby

DEPENDENCIES
  bundler (~> 1.17)
  rake (~> 10.0)
  tournament_elo_calculator!

BUNDLED WITH
   1.17.1
